GEM
  remote: http://rubygems.org/
  specs:
    beanstalk-client (1.1.0)
    json (1.4.6)

PLATFORMS
  ruby

DEPENDENCIES
  beanstalk-client
  json
